GEM
  remote: https://rubygems.org/
  specs:
    income-tax (0.3.2)
    webrick (1.7.0)

PLATFORMS
  x86_64-linux

DEPENDENCIES
  income-tax (= 0.3.2)
  webrick (= 1.7.0)

BUNDLED WITH
   2.3.15
